GEM
  remote: https://rubygems.org/
  specs:
    addressable (2.8.0)
      public_suffix (>= 2.0.2, < 5.0)
    ast (2.4.2)
    concurrent-ruby (1.1.9)
    crack (0.4.5)
      rexml
    diff-lcs (1.5.0)
    dotenv (2.7.6)
    dry-core (0.7.1)
      concurrent-ruby (~> 1.0)
    dry-monads (1.4.0)
      concurrent-ruby (~> 1.0)
      dry-core (~> 0.7)
    faraday (2.2.0)
      faraday-net_http (~> 2.0)
      ruby2_keywords (>= 0.0.4)
    faraday-net_http (2.0.1)
    hanami-api (0.2.0)
      hanami-router (~> 2.0.alpha)
    hanami-router (2.0.0.alpha6)
      mustermann (~> 1.0)
      mustermann-contrib (~> 1.0)
      rack (~> 2.0)
    hansi (0.2.0)
    hashdiff (1.0.1)
    mustermann (1.1.1)
      ruby2_keywords (~> 0.0.1)
    mustermann-contrib (1.1.1)
      hansi (~> 0.2.0)
      mustermann (= 1.1.1)
    nio4r (2.5.8)
    parallel (1.21.0)
    parser (3.1.1.0)
      ast (~> 2.4.1)
    public_suffix (4.0.6)
    puma (5.6.2)
      nio4r (~> 2.0)
    rack (2.2.3)
    rainbow (3.1.1)
    regexp_parser (2.2.1)
    rexml (3.2.5)
    rspec (3.11.0)
      rspec-core (~> 3.11.0)
      rspec-expectations (~> 3.11.0)
      rspec-mocks (~> 3.11.0)
    rspec-core (3.11.0)
      rspec-support (~> 3.11.0)
    rspec-expectations (3.11.0)
      diff-lcs (>= 1.2.0, < 2.0)
      rspec-support (~> 3.11.0)
    rspec-mocks (3.11.0)
      diff-lcs (>= 1.2.0, < 2.0)
      rspec-support (~> 3.11.0)
    rspec-support (3.11.0)
    rubocop (1.25.1)
      parallel (~> 1.10)
      parser (>= 3.1.0.0)
      rainbow (>= 2.2.2, < 4.0)
      regexp_parser (>= 1.8, < 3.0)
      rexml
      rubocop-ast (>= 1.15.1, < 2.0)
      ruby-progressbar (~> 1.7)
      unicode-display_width (>= 1.4.0, < 3.0)
    rubocop-ast (1.16.0)
      parser (>= 3.1.1.0)
    rubocop-rspec (2.9.0)
      rubocop (~> 1.19)
    ruby-progressbar (1.11.0)
    ruby2_keywords (0.0.5)
    unicode-display_width (2.1.0)
    webmock (3.14.0)
      addressable (>= 2.8.0)
      crack (>= 0.3.2)
      hashdiff (>= 0.4.0, < 2.0.0)

PLATFORMS
  x86_64-darwin-18

DEPENDENCIES
  dotenv
  dry-monads
  faraday
  hanami-api
  puma
  rack
  rspec
  rubocop
  rubocop-rspec
  webmock

RUBY VERSION
   ruby 3.1.0p0

BUNDLED WITH
   2.3.5
